GEM
  remote: http://rubygems.org/
  specs:
    nio4r (2.4.0)
    puma (4.0.1)
      nio4r (~> 2.0)
    rack (1.6.11)
    rack-protection (1.5.3)
      rack
    sinatra (1.4.7)
      rack (~> 1.5)
      rack-protection (~> 1.4)
      tilt (>= 1.3, < 3)
    tilt (2.0.2)

PLATFORMS
  ruby

DEPENDENCIES
  puma
  sinatra

RUBY VERSION
   ruby 2.5.3p105

BUNDLED WITH
   1.17.3
